GEM
  remote: https://rubygems.org/
  specs:
    cuba (3.1.0)
      rack
    haml (4.0.4)
      tilt
    puma (2.0.1)
      rack (>= 1.1, < 2.0)
    rack (1.5.2)
    tilt (1.4.1)
    volumerb (0.0.1)

PLATFORMS
  ruby

DEPENDENCIES
  cuba
  haml
  puma
  volumerb
